GEM
  remote: https://rubygems.org/
  specs:
    kramdown (2.3.1)
      rexml
    kramdown-parser-gfm (1.1.0)
      kramdown (~> 2.0)
    rexml (3.2.5)

PLATFORMS
  x86_64-darwin-20

DEPENDENCIES
  kramdown-parser-gfm

BUNDLED WITH
   2.3.7
